GIT
  remote: https://github.com/sadatay/lita-image-fetcher.git
  revision: ccedf1289eda1cdb71de3368c1fbd90aea2f8a50
  specs:
    lita-image-fetcher (0.1.0)
      lita (>= 4.6)

GEM
  remote: https://rubygems.org/
  specs:
    artii (2.1.1)
    cf-app-utils (0.6)
    eventmachine (1.0.9.1)
    faraday (0.9.2)
      multipart-post (>= 1.2, < 3)
    faye-websocket (0.10.2)
      eventmachine (>= 0.12.0)
      websocket-driver (>= 0.5.1)
    gems (0.8.3)
    http_router (0.11.2)
      rack (>= 1.0.0)
      url_mount (~> 0.2.1)
    i18n (0.7.0)
    ice_nine (0.11.2)
    iso8601 (0.9.0)
    lita (4.7.0)
      bundler (>= 1.3)
      faraday (>= 0.8.7)
      http_router (>= 0.11.2)
      i18n (>= 0.6.9)
      ice_nine (>= 0.11.0)
      multi_json (>= 1.7.7)
      puma (>= 2.7.1)
      rack (>= 1.5.2)
      rb-readline (>= 0.5.1)
      redis-namespace (>= 1.3.0)
      thor (>= 0.18.1)
    lita-applause (0.0.2)
      lita (>= 4.0)
    lita-ascii-art (0.1.0)
      artii (>= 2.0.4)
      lita (>= 4.0.0)
    lita-baby_elephant (0.0.5)
      lita (>= 3.3)
      read_it (= 0.0.2)
    lita-catgif (0.0.2)
      lita (>= 2.6)
    lita-dice (0.0.1)
      lita (>= 2.7)
    lita-eightball (1.0.4)
      lita (>= 2.0)
    lita-eval (0.2.0)
      lita (~> 4.3)
    lita-excuses (0.0.6)
      lita (>= 2.2)
      nokogiri
    lita-gems (1.1.0)
      gems (>= 0.8.0)
      lita (>= 2.6)
    lita-giphy (1.0.4)
      lita (>= 2.0)
    lita-hal-9000 (0.1.1)
      lita (>= 4.0)
    lita-how-many (0.1.0)
      lita (>= 4.4)
    lita-karma (3.0.2)
      lita (>= 4.0)
    lita-location-decision (0.0.3)
      lita (>= 2.3)
    lita-rules (0.0.1)
      lita (>= 3.0)
    lita-slack (1.7.2)
      eventmachine
      faraday
      faye-websocket (>= 0.8.0)
      lita (>= 4.6.0)
      multi_json
    lita-time (0.1.0)
      lita (>= 3.3)
    lita-youtube-me (0.0.6)
      iso8601 (>= 0.8.6)
      lita (>= 4.0)
    mini_portile2 (2.0.0)
    multi_json (1.11.2)
    multipart-post (2.0.0)
    nokogiri (1.6.7.2)
      mini_portile2 (~> 2.0.0.rc2)
    puma (2.16.0)
    rack (1.6.4)
    rake (10.5.0)
    rb-readline (0.5.3)
    read_it (0.0.2)
      faraday (>= 0.8.7)
    redis (3.2.2)
    redis-namespace (1.5.2)
      redis (~> 3.0, >= 3.0.4)
    thor (0.19.1)
    url_mount (0.2.1)
      rack
    websocket-driver (0.6.3)
      websocket-extensions (>= 0.1.0)
    websocket-extensions (0.1.2)

PLATFORMS
  ruby

DEPENDENCIES
  cf-app-utils
  lita
  lita-applause
  lita-ascii-art
  lita-baby_elephant
  lita-catgif
  lita-dice
  lita-eightball
  lita-eval
  lita-excuses
  lita-gems
  lita-giphy
  lita-hal-9000
  lita-how-many
  lita-image-fetcher!
  lita-karma
  lita-location-decision
  lita-rules
  lita-slack
  lita-time
  lita-youtube-me
  rake

BUNDLED WITH
   1.10.6
